GEM
  remote: https://rubygems.org/
  specs:
    activesupport (4.1.1)
      i18n (~> 0.6, >= 0.6.9)
      json (~> 1.7, >= 1.7.7)
      minitest (~> 5.1)
      thread_safe (~> 0.1)
      tzinfo (~> 1.1)
    coffee-script (2.2.0)
      coffee-script-source
      execjs
    coffee-script-source (1.7.0)
    execjs (2.1.0)
    haml (4.0.5)
      tilt
    i18n (0.6.9)
    json (1.8.1)
    minitest (5.3.4)
    rake (10.3.2)
    sass (3.3.7)
    sprockets (1.0.2)
    thread_safe (0.3.4)
    tilt (2.0.1)
    tzinfo (1.2.0)
      thread_safe (~> 0.1)
    uglifier (2.5.0)
      execjs (>= 0.3.0)
      json (>= 1.8.0)

PLATFORMS
  ruby

DEPENDENCIES
  activesupport
  coffee-script
  haml
  rake
  sass
  sprockets
  tilt
  uglifier
